GEM
  remote: https://rubygems.org/
  specs:
    joybox (1.1.1)
      rake
    rake (10.1.0)

PLATFORMS
  ruby

DEPENDENCIES
  joybox (~> 1.1.1)
  rake
